PATH
  remote: .
  specs:
    deano (1.2.1)

GEM
  remote: https://rubygems.org/
  specs:
    rake (10.0.3)

PLATFORMS
  ruby

DEPENDENCIES
  deano!
  rake
